GEM
  remote: https://rubygems.org/
  specs:
    joybox (1.1.1)
      rake
    rake (10.1.0)
    rubymotion-observer (0.0.1)

PLATFORMS
  ruby

DEPENDENCIES
  joybox (~> 1.1.1)
  rake
  rubymotion-observer
